PATH
  remote: .
  specs:
    tlopo-selenium-docker (0.1.0)

GEM
  remote: https://rubygems.org/
  specs:
    ast (2.4.2)
    base64 (0.2.0)
    docker-api (2.3.0)
      excon (>= 0.64.0)
      multi_json
    excon (1.0.0)
    json (2.7.4)
    language_server-protocol (3.17.0.3)
    logger (1.6.1)
    minitest (5.25.1)
    multi_json (1.15.0)
    parallel (1.26.3)
    parser (3.3.5.0)
      ast (~> 2.4.1)
      racc
    racc (1.8.1)
    rainbow (3.1.1)
    rake (13.2.1)
    regexp_parser (2.9.2)
    rexml (3.3.9)
    rubocop (1.67.0)
      json (~> 2.3)
      language_server-protocol (>= 3.17.0)
      parallel (~> 1.10)
      parser (>= 3.3.0.2)
      rainbow (>= 2.2.2, < 4.0)
      regexp_parser (>= 2.4, < 3.0)
      rubocop-ast (>= 1.32.2, < 2.0)
      ruby-progressbar (~> 1.7)
      unicode-display_width (>= 2.4.0, < 3.0)
    rubocop-ast (1.32.3)
      parser (>= 3.3.1.0)
    ruby-progressbar (1.13.0)
    rubyzip (2.3.2)
    selenium-webdriver (4.25.0)
      base64 (~> 0.2)
      logger (~> 1.4)
      rexml (~> 3.2, >= 3.2.5)
      rubyzip (>= 1.2.2, < 3.0)
      websocket (~> 1.0)
    timeout (0.4.1)
    tlopo-futex (0.1.0)
    unicode-display_width (2.6.0)
    websocket (1.2.11)
    zlib (3.1.1)

PLATFORMS
  ruby
  x86_64-darwin-23

DEPENDENCIES
  docker-api (~> 2.3.0)
  minitest (~> 5.16)
  rake (~> 13.0)
  rubocop (~> 1.21)
  selenium-webdriver (~> 4.25.0)
  timeout (~> 0.4.1)
  tlopo-futex (~> 0.1.0)
  tlopo-selenium-docker!
  zlib (~> 3.1.0)

BUNDLED WITH
   2.5.3
